PATH
  remote: .
  specs:
    ruby-nats-streaming (0.1.0)
      google-protobuf
      nats (~> 0.8)

GEM
  remote: https://rubygems.org/
  specs:
    diff-lcs (1.2.5)
    eventmachine (1.2.0.1)
    google-protobuf (3.0.2)
    nats (0.8.0)
      eventmachine (~> 1.2, >= 1.2.0)
    rake (11.3.0)
    rspec (3.5.0)
      rspec-core (~> 3.5.0)
      rspec-expectations (~> 3.5.0)
      rspec-mocks (~> 3.5.0)
    rspec-core (3.5.4)
      rspec-support (~> 3.5.0)
    rspec-expectations (3.5.0)
      diff-lcs (>= 1.2.0, < 2.0)
      rspec-support (~> 3.5.0)
    rspec-mocks (3.5.0)
      diff-lcs (>= 1.2.0, < 2.0)
      rspec-support (~> 3.5.0)
    rspec-support (3.5.0)

PLATFORMS
  ruby

DEPENDENCIES
  rake
  rspec
  ruby-nats-streaming!

BUNDLED WITH
   1.12.5
